GIT
  remote: git://github.com/rspec/rspec-core.git
  revision: 551c365197c8cae045967f872d3cd6ecf4c593a8
  branch: master
  specs:
    rspec-core (3.7.0.pre)
      rspec-support (= 3.7.0.pre)

GIT
  remote: git://github.com/rspec/rspec-expectations.git
  revision: 8516bdc7a4ee42d5f3669753a6b31a7fed01c576
  branch: master
  specs:
    rspec-expectations (3.7.0.pre)
      diff-lcs (>= 1.2.0, < 2.0)
      rspec-support (= 3.7.0.pre)

GIT
  remote: git://github.com/rspec/rspec-mocks.git
  revision: cd7adc9fe1c418c2fe04d32f0961c615333af7aa
  branch: master
  specs:
    rspec-mocks (3.7.0.pre)
      diff-lcs (>= 1.2.0, < 2.0)
      rspec-support (= 3.7.0.pre)

GIT
  remote: git://github.com/rspec/rspec-support.git
  revision: f0af3fd74a94ff7bb700f6ba06dbdc67bba17fbf
  branch: master
  specs:
    rspec-support (3.7.0.pre)

GEM
  remote: https://rubygems.org/
  specs:
    coderay (1.1.1)
    diff-lcs (1.3)
    method_source (0.8.2)
    pry (0.10.4)
      coderay (~> 1.1.0)
      method_source (~> 0.8.1)
      slop (~> 3.4)
    slop (3.6.0)

PLATFORMS
  ruby

DEPENDENCIES
  pry
  rspec-core!
  rspec-expectations!
  rspec-mocks!
  rspec-support!

BUNDLED WITH
   1.14.6
